GEM
  remote: https://rubygems.org/
  specs:
    byebug (11.1.3)
    colorize (0.8.1)

PLATFORMS
  x86_64-linux

DEPENDENCIES
  byebug
  colorize

BUNDLED WITH
   2.3.4
